PATH
  remote: .
  specs:
    device_detector (1.0.5)

GEM
  remote: https://rubygems.org/
  specs:
    byebug (11.1.1)
    coderay (1.1.2)
    method_source (0.9.2)
    minitest (5.14.0)
    pry (0.12.2)
      coderay (~> 1.1.0)
      method_source (~> 0.9.0)
    rake (13.0.1)

PLATFORMS
  ruby

DEPENDENCIES
  byebug
  device_detector!
  minitest
  pry (>= 0.10)
  rake

BUNDLED WITH
   2.1.4
