PATH
  remote: .
  specs:
    device_detector (1.0.5)

GEM
  remote: https://rubygems.org/
  specs:
    byebug (11.1.3)
    coderay (1.1.3)
    method_source (1.0.0)
    minitest (5.14.2)
    pry (0.13.1)
      coderay (~> 1.1)
      method_source (~> 1.0)
    rake (13.0.1)

PLATFORMS
  ruby

DEPENDENCIES
  byebug
  device_detector!
  minitest
  pry (>= 0.10)
  rake

BUNDLED WITH
   2.1.4
